GEM
  remote: https://rubygems.org/
  specs:
    concurrent-ruby (1.1.3)
    faker (1.9.1)
      i18n (>= 0.7)
    humanize (1.8.1)
    i18n (1.1.1)
      concurrent-ruby (~> 1.0)
    ordinalize (0.0.3)
      humanize

PLATFORMS
  ruby

DEPENDENCIES
  faker (>= 1.9.1)
  ordinalize

BUNDLED WITH
   1.16.6
